GEM
  remote: https://rubygems.org/
  specs:
    json (2.1.0)

PLATFORMS
  ruby

DEPENDENCIES
  json (>= 1.7.7)!

BUNDLED WITH
   1.17.2
